GEM
  remote: https://rubygems.org/
  specs:
    colorize (0.7.5)
    highline (1.6.21)
    rake (10.4.2)

PLATFORMS
  ruby

DEPENDENCIES
  colorize
  highline
  rake
